PATH
  remote: .
  specs:
    massimo (0.7.1)
      activesupport (~> 3.0.0)
      rack (~> 1.2.0)
      sinatra_more (~> 0.3.0)
      thor (~> 0.14.0)
      tilt (~> 1.0.0)
      tzinfo (~> 0.3.0)

GEM
  remote: http://rubygems.org/
  specs:
    activesupport (3.0.1)
    coffee-script (0.3.2)
    diff-lcs (1.1.2)
    growl (1.0.3)
    haml (3.0.22)
    jsmin (1.0.1)
    less (1.2.21)
      mutter (>= 0.4.2)
      treetop (>= 1.4.2)
    mutter (0.5.3)
    oyster (0.9.4)
    packr (3.1.0)
      oyster
    polyglot (0.3.1)
    rack (1.2.1)
    rack-test (0.5.6)
      rack (>= 1.0)
    rr (1.0.0)
    rspec (2.0.1)
      rspec-core (~> 2.0.1)
      rspec-expectations (~> 2.0.1)
      rspec-mocks (~> 2.0.1)
    rspec-core (2.0.1)
    rspec-expectations (2.0.1)
      diff-lcs (>= 1.1.2)
    rspec-mocks (2.0.1)
      rspec-core (~> 2.0.1)
      rspec-expectations (~> 2.0.1)
    sinatra (1.0)
      rack (>= 1.0)
    sinatra_more (0.3.40)
      activesupport (>= 2.2.2)
      bundler (>= 0.9.2)
      sinatra (>= 0.9.2)
      thor (>= 0.11.8)
      tilt (>= 0.2)
    sprockets (1.0.2)
    test-construct (1.2.0)
    thor (0.14.3)
    tilt (1.0.1)
    treetop (1.4.8)
      polyglot (>= 0.3.1)
    tzinfo (0.3.23)
    unindent (0.9)
    yard (0.6.1)

PLATFORMS
  ruby

DEPENDENCIES
  activesupport (~> 3.0.0)
  coffee-script (~> 0.3.0)
  growl (~> 1.0.0)
  haml (~> 3.0.0)
  jsmin (~> 1.0.0)
  less (~> 1.2.0)
  massimo!
  packr (~> 3.1.0)
  rack (~> 1.2.0)
  rack-test (~> 0.5.0)
  rr (~> 1.0.0)
  rspec (~> 2.0.0)
  sinatra_more (~> 0.3.0)
  sprockets (~> 1.0.0)
  test-construct (~> 1.2.0)
  thor (~> 0.14.0)
  tilt (~> 1.0.0)
  tzinfo (~> 0.3.0)
  unindent (~> 0.9.0)
  yard (~> 0.6.0)
