GEM
  remote: http://rubygems.org/
  specs:
    activesupport (3.0.0)
    coffee-script (0.3.2)
    growl (1.0.3)
    haml (3.0.18)
    jsmin (1.0.1)
    less (1.2.21)
      mutter (>= 0.4.2)
      treetop (>= 1.4.2)
    mutter (0.5.3)
    oyster (0.9.4)
    packr (3.1.0)
      oyster
    polyglot (0.3.1)
    rack (1.2.1)
    rack-test (0.5.4)
      rack (>= 1.0)
    rr (0.10.11)
    rspec (1.3.0)
    sinatra (1.0)
      rack (>= 1.0)
    sinatra_more (0.3.40)
      activesupport (>= 2.2.2)
      bundler (>= 0.9.2)
      sinatra (>= 0.9.2)
      thor (>= 0.11.8)
      tilt (>= 0.2)
    sprockets (1.0.2)
    test-construct (1.2.0)
    thor (0.13.8)
    tilt (1.0.1)
    treetop (1.4.8)
      polyglot (>= 0.3.1)
    tzinfo (0.3.23)
    unindent (0.9)

PLATFORMS
  ruby

DEPENDENCIES
  activesupport (>= 3.0.0.beta)
  coffee-script (~> 0.3.0)
  growl (~> 1.0.0)
  haml (~> 3.0.0)
  jsmin (~> 1.0.0)
  less (~> 1.2.0)
  packr (~> 3.1.0)
  rack (~> 1.2.0)
  rack-test (~> 0.5.0)
  rr (~> 0.10.0)
  rspec (~> 1.3.0)
  sinatra_more (~> 0.3.0)
  sprockets (~> 1.0.0)
  test-construct (~> 1.2.0)
  thor (~> 0.13.0)
  tilt (~> 1.0.0)
  tzinfo (~> 0.3.0)
  unindent (~> 0.9.0)
