PATH
  remote: .
  specs:
    massimo (0.8.1)
      activesupport (~> 3.0.0)
      i18n (~> 0.4.0)
      padrino-helpers (~> 0.9.0)
      rack (~> 1.2.0)
      thor (~> 0.14.0)
      tilt (~> 1.2.0)
      tzinfo (~> 0.3.0)

GEM
  remote: http://rubygems.org/
  specs:
    activesupport (3.0.3)
    closure-compiler (0.3.3)
    coffee-script (0.3.2)
    diff-lcs (1.1.2)
    growl (1.0.3)
    haml (3.0.25)
    http_router (0.5.3)
      rack (>= 1.0.0)
      url_mount (~> 0.2.1)
    i18n (0.4.2)
    jsmin (1.0.1)
    less (1.2.21)
      mutter (>= 0.4.2)
      treetop (>= 1.4.2)
    mutter (0.5.3)
    oyster (0.9.4)
    packr (3.1.0)
      oyster
    padrino-core (0.9.20)
      activesupport (>= 3.0.0)
      http_router (~> 0.5.0)
      sinatra (>= 1.1.0)
      thor (>= 0.14.3)
      tzinfo
    padrino-helpers (0.9.20)
      i18n (>= 0.4.1)
      padrino-core (= 0.9.20)
    polyglot (0.3.1)
    rack (1.2.1)
    rack-test (0.5.7)
      rack (>= 1.0)
    rr (1.0.2)
    rspec (2.4.0)
      rspec-core (~> 2.4.0)
      rspec-expectations (~> 2.4.0)
      rspec-mocks (~> 2.4.0)
    rspec-core (2.4.0)
    rspec-expectations (2.4.0)
      diff-lcs (~> 1.1.2)
    rspec-mocks (2.4.0)
    sinatra (1.1.2)
      rack (~> 1.1)
      tilt (~> 1.2)
    sprockets (1.0.2)
    test-construct (1.2.0)
    thor (0.14.6)
    tilt (1.2.2)
    treetop (1.4.9)
      polyglot (>= 0.3.1)
    tzinfo (0.3.24)
    unindent (0.9)
    url_mount (0.2.1)
      rack
    yui-compressor (0.9.3)

PLATFORMS
  ruby

DEPENDENCIES
  activesupport (~> 3.0.0)
  closure-compiler (~> 0.3.0)
  coffee-script (~> 0.3.0)
  growl (~> 1.0.0)
  haml (~> 3.0.0)
  i18n (~> 0.4.0)
  jsmin (~> 1.0.0)
  less (~> 1.2.0)
  massimo!
  packr (~> 3.1.0)
  padrino-helpers (~> 0.9.0)
  rack (~> 1.2.0)
  rack-test (~> 0.5.0)
  rr (~> 1.0.0)
  rspec (~> 2.4.0)
  sprockets (~> 1.0.0)
  test-construct (~> 1.2.0)
  thor (~> 0.14.0)
  tilt (~> 1.2.0)
  tzinfo (~> 0.3.0)
  unindent (~> 0.9.0)
  yui-compressor (~> 0.9.0)
